GEM
  remote: https://rubygems.org/
  specs:
    language_server-protocol (3.17.0.4)
    logger (1.7.0)
    prism (1.4.0)
    rbs (3.9.2)
      logger
    ruby-lsp (0.23.13)
      language_server-protocol (~> 3.17.0)
      prism (>= 1.2, < 2.0)
      rbs (>= 3, < 4)
      sorbet-runtime (>= 0.5.10782)
    sorbet-runtime (0.5.11971)

PLATFORMS
  ruby
  x86_64-linux-gnu

DEPENDENCIES
  ruby-lsp (~> 0.23.13)

BUNDLED WITH
   2.6.6
